PATH
  remote: .
  specs:
    embulk-input-web_api (0.0.0.1-java)
      bundler (>= 1.10.6)
      liquid (~> 3.0.6)
      msgpack (~> 0.7.3)
      rjack-icu (~> 4.54.1.1)

GEM
  remote: https://rubygems.org/
  specs:
    embulk (0.8.13-java)
      bundler (>= 1.10.6)
      liquid (~> 3.0.6)
      msgpack (~> 0.7.3)
      rjack-icu (~> 4.54.1.1)
    kramdown (1.5.0)
    liquid (3.0.6)
    msgpack (0.7.6-java)
    power_assert (0.3.0)
    rake (11.2.2)
    rjack-icu (4.54.1.1-java)
    test-unit (3.0.9)
      power_assert
    yard (0.8.7.6)

PLATFORMS
  java

DEPENDENCIES
  embulk (>= 0.8.8)
  embulk-input-web_api!
  kramdown (~> 1.5.0)
  rake (>= 0.10.0)
  test-unit (~> 3.0.9)
  yard (~> 0.8.7)

BUNDLED WITH
   1.12.5
